GIT
  remote: git://github.com/guilleiguaran/sass-rails.git
  revision: 0393d9e1a6e4a776e61f16fb75f97971b9f4abd2
  branch: backport
  specs:
    sass-rails (4.0.1)
      railties (>= 3.2.0, < 5.0)
      sass (>= 3.2.0)
      sprockets-rails (~> 2.0.0.backport1)

GEM
  remote: https://rubygems.org/
  specs:
    RedCloth (4.2.9)
    actionmailer (3.2.16)
      actionpack (= 3.2.16)
      mail (~> 2.5.4)
    actionpack (3.2.16)
      activemodel (= 3.2.16)
      activesupport (= 3.2.16)
      builder (~> 3.0.0)
      erubis (~> 2.7.0)
      journey (~> 1.0.4)
      rack (~> 1.4.5)
      rack-cache (~> 1.2)
      rack-test (~> 0.6.1)
      sprockets (~> 2.2.1)
    activemodel (3.2.16)
      activesupport (= 3.2.16)
      builder (~> 3.0.0)
    activerecord (3.2.16)
      activemodel (= 3.2.16)
      activesupport (= 3.2.16)
      arel (~> 3.0.2)
      tzinfo (~> 0.3.29)
    activeresource (3.2.16)
      activemodel (= 3.2.16)
      activesupport (= 3.2.16)
    activesupport (3.2.16)
      i18n (~> 0.6, >= 0.6.4)
      multi_json (~> 1.0)
    arel (3.0.3)
    autoprefixer-rails (2.1.0.20140628)
      execjs
    bcrypt (3.1.7)
    bcrypt-ruby (3.1.5)
      bcrypt (>= 3.1.3)
    bootstrap-sass (3.2.0.2)
      sass (~> 3.2)
    bson (1.7.1)
    bson_ext (1.7.1)
      bson (~> 1.7.1)
    builder (3.0.4)
    cocaine (0.3.2)
    coffee-rails (3.2.2)
      coffee-script (>= 2.2.0)
      railties (~> 3.2.0)
    coffee-script (2.3.0)
      coffee-script-source
      execjs
    coffee-script-source (1.8.0)
    devise (2.2.8)
      bcrypt-ruby (~> 3.0)
      orm_adapter (~> 0.1)
      railties (~> 3.1)
      warden (~> 1.2.1)
    erubis (2.7.0)
    execjs (2.2.1)
    hashie (3.3.1)
    highline (1.6.21)
    hike (1.2.3)
    i18n (0.6.11)
    journey (1.0.4)
    jquery-rails (3.1.2)
      railties (>= 3.0, < 5.0)
      thor (>= 0.14, < 2.0)
    json (1.8.1)
    mail (2.5.4)
      mime-types (~> 1.16)
      treetop (~> 1.4.8)
    mime-types (1.25.1)
    mongo (1.7.1)
      bson (~> 1.7.1)
    mongoid (2.5.2)
      activemodel (~> 3.1)
      mongo (~> 1.7)
      tzinfo (~> 0.3.22)
    mongoid-paperclip (0.0.9)
      paperclip (>= 2.3.6)
    multi_json (1.10.1)
    omniauth (1.2.2)
      hashie (>= 1.2, < 4)
      rack (~> 1.0)
    omniauth-google-apps (0.1.0)
      omniauth (~> 1.0)
      omniauth-openid (~> 1.0)
      ruby-openid (~> 2.3.0)
      ruby-openid-apps-discovery (~> 1.2.0)
    omniauth-openid (1.0.1)
      omniauth (~> 1.0)
      rack-openid (~> 1.3.1)
    orm_adapter (0.5.0)
    paperclip (3.1.4)
      activemodel (>= 3.0.0)
      activerecord (>= 3.0.0)
      activesupport (>= 3.0.0)
      cocaine (>= 0.0.2)
      mime-types
    polyglot (0.3.5)
    rack (1.4.5)
    rack-cache (1.2)
      rack (>= 0.4)
    rack-openid (1.3.1)
      rack (>= 1.1.0)
      ruby-openid (>= 2.1.8)
    rack-ssl (1.3.4)
      rack
    rack-test (0.6.2)
      rack (>= 1.0)
    rails (3.2.16)
      actionmailer (= 3.2.16)
      actionpack (= 3.2.16)
      activerecord (= 3.2.16)
      activeresource (= 3.2.16)
      activesupport (= 3.2.16)
      bundler (~> 1.0)
      railties (= 3.2.16)
    railties (3.2.16)
      actionpack (= 3.2.16)
      activesupport (= 3.2.16)
      rack-ssl (~> 1.3.2)
      rake (>= 0.8.7)
      rdoc (~> 3.4)
      thor (>= 0.14.6, < 2.0)
    rake (10.3.2)
    rdoc (3.12.2)
      json (~> 1.4)
    redcarpet (3.0.0)
    ruby-openid (2.3.0)
    ruby-openid-apps-discovery (1.2.0)
      ruby-openid (>= 2.1.7)
    sass (3.4.5)
    slices (1.0.3)
      RedCloth (~> 4.2.9)
      bson_ext (~> 1.7.1)
      cocaine (~> 0.3.2)
      devise (~> 2.2.8)
      highline (~> 1.6.0)
      mongo (~> 1.7.1)
      mongoid (~> 2.5.1)
      mongoid-paperclip (~> 0.0.8)
      omniauth-google-apps (~> 0.1.0)
      paperclip (~> 3.1.4)
      rails (~> 3.2.16)
      redcarpet (~> 3.0.0)
      stringex (~> 1.4.0)
      will_paginate (= 3.0.pre4)
    sprockets (2.2.2.backport2)
      hike (~> 1.2)
      multi_json (~> 1.0)
      rack (~> 1.0)
      tilt (~> 1.1, != 1.3.0)
    sprockets-rails (2.0.0.backport1)
      actionpack (>= 3.0)
      activesupport (>= 3.0)
      sprockets (~> 2.2.2.backport2)
    stringex (1.4.0)
    thor (0.19.1)
    tilt (1.4.1)
    treetop (1.4.15)
      polyglot
      polyglot (>= 0.3.1)
    tzinfo (0.3.41)
    uglifier (2.5.3)
      execjs (>= 0.3.0)
      json (>= 1.8.0)
    warden (1.2.3)
      rack (>= 1.0)
    will_paginate (3.0.pre4)

PLATFORMS
  ruby

DEPENDENCIES
  autoprefixer-rails
  bootstrap-sass (~> 3.2.0)
  coffee-rails (~> 3.2.1)
  jquery-rails
  rails (= 3.2.16)
  sass-rails!
  slices
  sprockets (= 2.2.2.backport2)
  sprockets-rails (= 2.0.0.backport1)
  uglifier (>= 1.0.3)
